{
    "TaskName": "sentences",
    "Manufacturer": "n/a",
    "PowerLineFrequency": "n/a",
    "SamplingFrequency": 1000.0,
    "SoftwareFilters": "n/a",
    "RecordingDuration": 3136.399,
    "RecordingType": "continuous",
    "EEGReference": "n/a",
    "EEGGround": "n/a",
    "EEGPlacementScheme": "n/a",
    "EEGChannelCount": 64,
    "EOGChannelCount": 2,
    "ECGChannelCount": 1,
    "EMGChannelCount": 1,
    "MiscChannelCount": 0,
    "TriggerChannelCount": 1
}
